GEM
  remote: https://yoomee:wLjuGMTu30AvxVyIrq3datc73LVUkvo@gems.yoomee.com/
  remote: http://gems.github.com/
  remote: https://rubygems.org/
  specs:
    Ascii85 (1.0.0)
    SystemTimer (1.2.3)
    aasm (2.3.1)
      activerecord
    abstract (1.0.0)
    actionmailer (2.3.5)
      actionpack (= 2.3.5)
    actionpack (2.3.5)
      activesupport (= 2.3.5)
      rack (~> 1.0.0)
    activerecord (2.3.5)
      activesupport (= 2.3.5)
    activeresource (2.3.5)
      activesupport (= 2.3.5)
    activesupport (2.3.5)
    acts-as-taggable-on (2.0.6)
    acts_as_list (0.1.2)
    after_commit (1.0.8)
      activerecord (< 3.0.0)
    ancestry (1.2.3)
      activerecord (>= 2.2.2)
    arel (2.2.1)
    attr_encrypted (1.2.0)
      encryptor (>= 1.1.1)
    aws-s3 (0.6.2)
      builder
      mime-types
      xml-simple
    barista (1.2.1)
      coffee-script (~> 2.2)
    builder (3.0.0)
    chronic (0.6.4)
    coffee-script (2.2.0)
      coffee-script-source
      execjs
    coffee-script-source (1.1.2)
    columnize (0.3.6)
    crack (0.1.8)
    daemons (1.1.0)
    datetimespan (0.1.0)
    decent_exposure (1.0.1)
    dragonfly (0.8.2)
      rack
    duration (0.1.0)
    encryptor (1.1.1)
    engineyard (1.3.7)
      engineyard-serverside-adapter (= 1.4.0)
      escape (~> 0.0.4)
      highline (~> 1.6.1)
      json_pure
      rest-client (~> 1.4)
      thor (~> 0.14.6)
    engineyard-serverside-adapter (1.4.0)
      escape (~> 0.0.4)
      json_pure
    erubis (2.6.2)
      abstract (>= 1.0.0)
    escape (0.0.4)
    eventmachine (0.12.6)
    execjs (1.2.9)
      multi_json (~> 1.0)
    ext (0.1.8)
    extlib (0.9.9)
    ey_config (0.0.7)
    eyrubygems (0.0.2)
    ezcrypto (0.7.2)
    facter (1.5.2)
    fastercsv (1.5.4)
    fastthread (1.0.7)
    forgery (0.5.0)
    formtastic (1.0.1)
      actionpack (>= 2.3.0, < 3.0.0)
      activesupport (>= 2.3.0, < 3.0.0)
      i18n (< 0.4)
    geokit (1.5.0)
    git (1.2.5)
    googlecharts (1.6.1)
    haml (3.0.25)
    has_many_polymorphs (2.13)
      activerecord
    has_scope (0.5.0)
    highline (1.6.19)
    hpricot (0.8.4)
    httparty (0.7.4)
      crack (= 0.1.8)
    i18n (0.3.7)
    igrigorik-em-http-request (0.1.8)
      eventmachine (>= 0.12.2)
    inherited_resources (1.0.6)
      has_scope (~> 0.5.0)
      responders (~> 0.4.6)
    inline_attachment (0.4.5)
      mime-types (>= 1.15)
    jnunemaker-validatable (1.8.4)
      activesupport (>= 2.3.4)
    json (1.1.3)
    json_pure (1.8.0)
    linecache (0.46)
      rbx-require-relative (> 0.0.4)
    memcache-client (1.8.5)
    mime-types (1.16)
    mixlib-cli (1.3.0)
    mixlib-config (1.1.2)
    mixlib-log (1.6.0)
    multi_json (1.0.3)
    mysql (2.8.1)
    net-ssh (2.6.7)
    newrelic_rpm (3.8.1.221)
    oauth (0.4.4)
    ohai (0.3.4)
      extlib
      mixlib-cli
      mixlib-config
      mixlib-log
      systemu
    open4 (0.9.6)
    paper_trail (1.6.5)
      actionpack (~> 2.3)
      activerecord (~> 2.3)
    passenger (2.2.10)
      fastthread (>= 1.0.1)
      rack
      rake (>= 0.8.1)
    pdf-reader (0.9.1)
      Ascii85 (>= 0.9)
    plist (3.1.0)
    prawn (0.11.1)
      pdf-reader (>= 0.9.0)
      ttfunk (~> 1.0.0)
    rack (1.0.1)
    rack-cache (1.0)
      rack (>= 0.4)
    rails (2.3.5)
      actionmailer (= 2.3.5)
      actionpack (= 2.3.5)
      activerecord (= 2.3.5)
      activeresource (= 2.3.5)
      activesupport (= 2.3.5)
      rake (>= 0.8.3)
    rake (0.8.3)
    rbx-require-relative (0.0.9)
    responders (0.4.7)
    responds_to_parent (1.0.20091013)
    rest-client (1.6.7)
      mime-types (>= 1.16)
    rexml-expansion-fix (1.0.1)
    riddle (1.2.2)
    right_aws (1.10.0)
      right_http_connection (>= 1.2.4)
    right_http_connection (1.2.4)
    rmagick (2.13.2)
    ruby-debug (0.10.4)
      columnize (>= 0.1)
      ruby-debug-base (~> 0.10.4.0)
    ruby-debug-base (0.10.4)
      linecache (>= 0.3)
    ruby-openid (2.1.2)
    rubyforge (1.0.3)
    rubygems-update (1.5.2)
    rufus-scheduler (2.0.8)
      tzinfo (>= 0.3.23)
    simplificator-rwebthumb (0.2.14)
    starling-starling (0.10.0)
      eventmachine (>= 0.12.0)
      memcache-client (>= 1.7.0)
    stomp (1.0.6)
    systemu (2.5.2)
    terminal-table (1.4.4)
    thinking-sphinx (1.3.20)
      activerecord (>= 1.15.6, < 3.0.0)
      activerecord (>= 1.15.6, < 3.0.0)
      after_commit (>= 1.0.6)
      riddle (>= 1.0.10)
    thor (0.14.6)
    ttfunk (1.0.1)
    twitter-auth (0.1.22)
      ezcrypto (>= 0.7.2)
      oauth (>= 0.3.1)
    tzinfo (0.3.30)
    validatable (1.6.7)
    whenever (0.7.0)
      activesupport (>= 2.3.4)
      chronic (~> 0.6.3)
    will_paginate (2.3.12)
    xml-magic (0.1.1)
    xml-simple (1.0.12)
    yoomee (0.0.1)
    yoomee-decent_exposure (1.2.1)
    yoomee-searchlogic (2.4.27)
      activerecord (>= 2.0.0)

PLATFORMS
  ruby

DEPENDENCIES
  Ascii85 (= 1.0.0)
  SystemTimer (= 1.2.3)
  aasm (= 2.3.1)
  abstract (= 1.0.0)
  actionmailer (= 2.3.5)
  actionpack (= 2.3.5)
  activerecord (= 2.3.5)
  activeresource (= 2.3.5)
  activesupport (= 2.3.5)
  acts-as-taggable-on (= 2.0.6)
  acts_as_list (= 0.1.2)
  after_commit (= 1.0.8)
  ancestry (= 1.2.3)
  arel (= 2.2.1)
  attr_encrypted (= 1.2.0)
  aws-s3 (= 0.6.2)
  barista (= 1.2.1)
  builder (= 3.0.0)
  chronic (= 0.6.4)
  coffee-script (= 2.2.0)
  coffee-script-source (= 1.1.2)
  crack (= 0.1.8)
  daemons (= 1.1.0)
  datetimespan (= 0.1.0)
  decent_exposure (= 1.0.1)
  dragonfly (= 0.8.2)
  duration (= 0.1.0)
  encryptor (= 1.1.1)
  engineyard
  erubis (= 2.6.2)
  eventmachine (= 0.12.6)
  execjs (= 1.2.9)
  ext (= 0.1.8)
  extlib (= 0.9.9)
  ey_config
  eyrubygems (= 0.0.2)
  ezcrypto (= 0.7.2)
  facter (= 1.5.2)
  fastercsv (= 1.5.4)
  fastthread (= 1.0.7)
  forgery (= 0.5.0)
  formtastic (= 1.0.1)
  geokit (= 1.5.0)
  git
  googlecharts (= 1.6.1)
  haml (= 3.0.25)
  has_many_polymorphs (= 2.13)
  has_scope (= 0.5.0)
  hpricot (= 0.8.4)
  httparty (= 0.7.4)
  i18n (= 0.3.7)
  igrigorik-em-http-request (= 0.1.8)
  inherited_resources (= 1.0.6)
  inline_attachment (= 0.4.5)
  jnunemaker-validatable (= 1.8.4)
  json (= 1.1.3)
  memcache-client (= 1.8.5)
  mime-types (= 1.16)
  multi_json (= 1.0.3)
  mysql (= 2.8.1)
  net-ssh
  newrelic_rpm
  oauth (= 0.4.4)
  ohai (= 0.3.4)
  open4 (= 0.9.6)
  paper_trail (= 1.6.5)
  passenger (= 2.2.10)
  pdf-reader (= 0.9.1)
  plist (= 3.1.0)
  prawn (= 0.11.1)
  rack (= 1.0.1)
  rack-cache (= 1.0)
  rails (= 2.3.5)
  rake (= 0.8.3)
  responders (= 0.4.7)
  responds_to_parent (= 1.0.20091013)
  rexml-expansion-fix (= 1.0.1)
  riddle (= 1.2.2)
  right_aws (= 1.10.0)
  right_http_connection (= 1.2.4)
  rmagick (= 2.13.2)
  ruby-debug (= 0.10.4)
  ruby-openid (= 2.1.2)
  rubyforge (= 1.0.3)
  rubygems-update (= 1.5.2)
  rufus-scheduler (= 2.0.8)
  simplificator-rwebthumb (= 0.2.14)
  starling-starling (= 0.10.0)
  stomp (= 1.0.6)
  terminal-table (= 1.4.4)
  thinking-sphinx (= 1.3.20)
  ttfunk (= 1.0.1)
  twitter-auth (= 0.1.22)
  tzinfo (= 0.3.30)
  validatable (= 1.6.7)
  whenever (= 0.7.0)
  will_paginate (= 2.3.12)
  xml-magic (= 0.1.1)
  xml-simple (= 1.0.12)
  yoomee
  yoomee-decent_exposure (= 1.2.1)
  yoomee-searchlogic (= 2.4.27)
